GEM
  remote: https://rubygems.org/
  specs:
    ast (2.3.0)
    aws-sdk (2.9.29)
      aws-sdk-resources (= 2.9.29)
    aws-sdk-core (2.9.29)
      aws-sigv4 (~> 1.0)
      jmespath (~> 1.0)
    aws-sdk-resources (2.9.29)
      aws-sdk-core (= 2.9.29)
    aws-sigv4 (1.0.0)
    diff-lcs (1.3)
    jmespath (1.3.1)
    mustermann (1.0.0)
    parser (2.4.0.0)
      ast (~> 2.2)
    powerpack (0.1.1)
    rack (2.0.3)
    rack-protection (2.0.0)
      rack
    rainbow (2.2.2)
      rake
    rake (12.0.0)
    rspec (3.5.0)
      rspec-core (~> 3.5.0)
      rspec-expectations (~> 3.5.0)
      rspec-mocks (~> 3.5.0)
    rspec-core (3.5.4)
      rspec-support (~> 3.5.0)
    rspec-expectations (3.5.0)
      diff-lcs (>= 1.2.0, < 2.0)
      rspec-support (~> 3.5.0)
    rspec-mocks (3.5.0)
      diff-lcs (>= 1.2.0, < 2.0)
      rspec-support (~> 3.5.0)
    rspec-support (3.5.0)
    rubocop (0.47.1)
      parser (>= 2.3.3.1, < 3.0)
      powerpack (~> 0.1)
      rainbow (>= 1.99.1, < 3.0)
      ruby-progressbar (~> 1.7)
      unicode-display_width (~> 1.0, >= 1.0.1)
    ruby-progressbar (1.8.1)
    sinatra (2.0.0)
      mustermann (~> 1.0)
      rack (~> 2.0)
      rack-protection (= 2.0.0)
      tilt (~> 2.0)
    tilt (2.0.7)
    unicode-display_width (1.2.1)

PLATFORMS
  ruby

DEPENDENCIES
  aws-sdk (~> 2)
  rake
  rspec
  rubocop
  sinatra

RUBY VERSION
   ruby 2.4.0p0

BUNDLED WITH
   1.14.6
